GIT
  remote: git://github.com/bhollis/maruku.git
  revision: d63b69b4b991a70f80d6690a2f81f865b3ddaaed
  specs:
    maruku (0.7.0.beta1)
      nokogiri (~> 1.5, >= 1.5.6)

GIT
  remote: git://github.com/matthodan/jekyll-asset-pipeline.git
  revision: b8c6e246aeefb649956ba2c0fa0bd9be38b64453
  specs:
    jekyll-asset-pipeline (0.1.5)
      jekyll (>= 0.12)
      liquid (~> 2.4)

GEM
  remote: https://rubygems.org/
  specs:
    classifier (1.3.3)
      fast-stemmer (>= 1.0.0)
    colorator (0.1)
    commander (4.1.4)
      highline (~> 1.6.11)
    commonjs (0.2.6)
    directory_watcher (1.4.1)
    fast-stemmer (1.0.2)
    highline (1.6.19)
    jekyll (1.1.2)
      classifier (~> 1.3)
      colorator (~> 0.1)
      commander (~> 4.1.3)
      directory_watcher (~> 1.4.1)
      kramdown (~> 1.0.2)
      liquid (~> 2.5.1)
      maruku (~> 0.5)
      pygments.rb (~> 0.5.0)
      redcarpet (~> 2.2.2)
      safe_yaml (~> 0.7.0)
    kramdown (1.0.2)
    less (2.3.2)
      commonjs (~> 0.2.6)
    libv8 (3.11.8.17)
    liquid (2.5.1)
    mini_portile (0.5.1)
    nokogiri (1.6.0)
      mini_portile (~> 0.5.0)
    posix-spawn (0.3.6)
    pygments.rb (0.5.2)
      posix-spawn (~> 0.3.6)
      yajl-ruby (~> 1.1.0)
    rake (10.1.0)
    redcarpet (2.2.2)
    ref (1.0.5)
    safe_yaml (0.7.1)
    therubyracer (0.11.4)
      libv8 (~> 3.11.8.12)
      ref
    yajl-ruby (1.1.0)
    yui-compressor (0.11.0)

PLATFORMS
  ruby

DEPENDENCIES
  jekyll
  jekyll-asset-pipeline!
  less
  maruku!
  rake
  therubyracer
  yui-compressor
