GIT
  remote: git://github.com/bhollis/maruku.git
  revision: fce66b0a53cb610c8a4bb2f6005baa178c1a147b
  specs:
    maruku (0.7.0.beta1)
      nokogiri (~> 1.5, >= 1.5.6)

GIT
  remote: git://github.com/matthodan/jekyll-asset-pipeline.git
  revision: b8c6e246aeefb649956ba2c0fa0bd9be38b64453
  specs:
    jekyll-asset-pipeline (0.1.5)
      jekyll (>= 0.12)
      liquid (~> 2.4)

GEM
  remote: https://rubygems.org/
  specs:
    POpen4 (0.1.4)
      Platform (>= 0.4.0)
      open4
    Platform (0.4.0)
    classifier (1.3.3)
      fast-stemmer (>= 1.0.0)
    colorator (0.1)
    commander (4.1.3)
      highline (~> 1.6.11)
    commonjs (0.2.6)
    directory_watcher (1.4.1)
    fast-stemmer (1.0.2)
    highline (1.6.19)
    jekyll (1.0.3)
      classifier (~> 1.3)
      colorator (~> 0.1)
      commander (~> 4.1.3)
      directory_watcher (~> 1.4.1)
      kramdown (~> 1.0.2)
      liquid (~> 2.3)
      maruku (~> 0.5)
      pygments.rb (~> 0.5.0)
      safe_yaml (~> 0.7.0)
    kramdown (1.0.2)
    less (2.3.2)
      commonjs (~> 0.2.6)
    libv8 (3.11.8.17)
    liquid (2.5.0)
    mini_portile (0.5.1)
    nokogiri (1.6.0)
      mini_portile (~> 0.5.0)
    open4 (1.3.0)
    posix-spawn (0.3.6)
    pygments.rb (0.5.1)
      posix-spawn (~> 0.3.6)
      yajl-ruby (~> 1.1.0)
    rake (10.1.0)
    ref (1.0.5)
    safe_yaml (0.7.1)
    therubyracer (0.11.4)
      libv8 (~> 3.11.8.12)
      ref
    yajl-ruby (1.1.0)
    yui-compressor (0.9.6)
      POpen4 (>= 0.1.4)

PLATFORMS
  ruby

DEPENDENCIES
  jekyll
  jekyll-asset-pipeline!
  less
  maruku!
  rake
  therubyracer
  yui-compressor
